PATH
  remote: ..
  specs:
    rs-uuid (1.0.0)
      helix_runtime (~> 0.6.1)

GEM
  remote: https://rubygems.org/
  specs:
    benchmark-ips (2.7.2)
    helix_runtime (0.6.1)
      rake (>= 10.0)
      thor (~> 0.19.4)
    macaddr (1.7.1)
      systemu (~> 2.6.2)
    rake (12.0.0)
    systemu (2.6.5)
    thor (0.19.4)
    uuid (2.3.8)
      macaddr (~> 1.0)

PLATFORMS
  ruby

DEPENDENCIES
  benchmark-ips
  rs-uuid!
  uuid

BUNDLED WITH
   1.15.2
